GEM
  remote: http://rubygems.org/
  specs:
    coderay (0.9.8)
    escape (0.0.4)
    log4r (1.1.9)
    method_source (0.6.0)
      ruby_parser (>= 2.0.5)
    optiflag (0.7)
    pry (0.9.3)
      coderay (>= 0.9.8)
      method_source (>= 0.6.0)
      ruby_parser (>= 2.0.5)
      slop (~> 1.9.0)
    ruby_parser (2.2.0)
      sexp_processor (~> 3.0)
    sexp_processor (3.0.6)
    slop (1.9.1)

PLATFORMS
  ruby

DEPENDENCIES
  escape
  log4r
  optiflag
  pry
